GEM
  remote: https://rubygems.org/
  specs:
    csv (3.2.0)
    date (3.1.0)
    nokogiri (1.12.4-x86_64-linux)
      racc (~> 1.4)
    open-uri (0.1.0)
      stringio
      time
      uri
    racc (1.5.2)
    stringio (3.0.0)
    time (0.1.0)
      date
    uri (0.10.1)

PLATFORMS
  x86_64-linux

DEPENDENCIES
  csv
  nokogiri
  open-uri

RUBY VERSION
   ruby 3.0.2p107

BUNDLED WITH
   2.2.22
